PATH
  remote: .
  specs:
    jekyll-lunr-js-search (3.3.0)
      json (~> 2.0)
      nokogiri (~> 1.7)
      therubyracer (~> 0.12)

GEM
  remote: https://rubygems.org/
  specs:
    execjs (2.7.0)
    json (2.1.0)
    libv8 (3.16.14.19)
    mini_portile2 (2.3.0)
    nokogiri (1.8.2)
      mini_portile2 (~> 2.3.0)
    rake (12.3.1)
    ref (2.0.0)
    therubyracer (0.12.3)
      libv8 (~> 3.16.14.15)
      ref
    uglifier (3.2.0)
      execjs (>= 0.3.0, < 3)

PLATFORMS
  ruby

DEPENDENCIES
  jekyll-lunr-js-search!
  rake (~> 12.0)
  uglifier (~> 3.0)

BUNDLED WITH
   1.16.2
